PATH
  remote: .
  specs:
    kitchen-ansible (0.45.8)
      net-ssh (~> 3.0)
      test-kitchen (~> 1.4)

GEM
  remote: https://rubygems.org/
  specs:
    artifactory (2.5.1)
    coderay (1.1.1)
    diff-lcs (1.3)
    ffi (1.9.17-x86-mingw32)
    method_source (0.8.2)
    mixlib-install (2.1.9)
      artifactory
      mixlib-shellout
      mixlib-versioning
      thor
    mixlib-shellout (2.2.7)
    mixlib-shellout (2.2.7-universal-mingw32)
      win32-process (~> 0.8.2)
      wmi-lite (~> 1.0)
    mixlib-versioning (1.1.0)
    net-scp (1.2.1)
      net-ssh (>= 2.6.5)
    net-ssh (3.2.0)
    net-ssh-gateway (1.2.0)
      net-ssh (>= 2.6.5)
    pry (0.10.4)
      coderay (~> 1.1.0)
      method_source (~> 0.8.1)
      slop (~> 3.4)
    rake (12.0.0)
    rspec (3.3.0)
      rspec-core (~> 3.3.0)
      rspec-expectations (~> 3.3.0)
      rspec-mocks (~> 3.3.0)
    rspec-core (3.3.2)
      rspec-support (~> 3.3.0)
    rspec-expectations (3.3.1)
      diff-lcs (>= 1.2.0, < 2.0)
      rspec-support (~> 3.3.0)
    rspec-mocks (3.3.2)
      diff-lcs (>= 1.2.0, < 2.0)
      rspec-support (~> 3.3.0)
    rspec-support (3.3.0)
    safe_yaml (1.0.4)
    slop (3.6.0)
    test-kitchen (1.15.0)
      mixlib-install (>= 1.2, < 3.0)
      mixlib-shellout (>= 1.2, < 3.0)
      net-scp (~> 1.1)
      net-ssh (>= 2.9, < 5.0)
      net-ssh-gateway (~> 1.2)
      safe_yaml (~> 1.0)
      thor (~> 0.18)
    thor (0.19.4)
    win32-process (0.8.3)
      ffi (>= 1.0.0)
    wmi-lite (1.0.0)

PLATFORMS
  ruby
  x86-mingw32

DEPENDENCIES
  kitchen-ansible!
  pry
  rake
  rspec (~> 3.3.0)

BUNDLED WITH
   1.12.3
